GIT
  remote: git://github.com/algorithmica/madmass.git
  revision: cc05913e445b3d1b75992400190e5e20c20cbf67
  specs:
    madmass (0.1.0)
      bundler (~> 1.0.0)
      rails (~> 3.1.1)
      rcov
      shoulda
      torquebox (= 2.0.0.beta2)
      torquebox-rake-support (= 2.0.0.beta2)

GEM
  remote: http://rubygems.org/
  specs:
    actionmailer (3.1.3)
      actionpack (= 3.1.3)
      mail (~> 2.3.0)
    actionpack (3.1.3)
      activemodel (= 3.1.3)
      activesupport (= 3.1.3)
      builder (~> 3.0.0)
      erubis (~> 2.7.0)
      i18n (~> 0.6)
      rack (~> 1.3.5)
      rack-cache (~> 1.1)
      rack-mount (~> 0.8.2)
      rack-test (~> 0.6.1)
      sprockets (~> 2.0.3)
    activemodel (3.1.3)
      activesupport (= 3.1.3)
      builder (~> 3.0.0)
      i18n (~> 0.6)
    activerecord (3.1.3)
      activemodel (= 3.1.3)
      activesupport (= 3.1.3)
      arel (~> 2.2.1)
      tzinfo (~> 0.3.29)
    activerecord-jdbc-adapter (1.2.1)
    activerecord-jdbcsqlite3-adapter (1.2.1)
      activerecord-jdbc-adapter (~> 1.2.1)
      jdbc-sqlite3 (~> 3.7.2)
    activeresource (3.1.3)
      activemodel (= 3.1.3)
      activesupport (= 3.1.3)
    activesupport (3.1.3)
      multi_json (~> 1.0)
    addressable (2.2.6)
    arel (2.2.1)
    bcrypt-ruby (3.0.1-java)
    blankslate (2.1.2.4)
    bouncy-castle-java (1.5.0146.1)
    builder (3.0.0)
    coffee-rails (3.1.1)
      coffee-script (>= 2.2.0)
      railties (~> 3.1.0)
    coffee-script (2.2.0)
      coffee-script-source
      execjs
    coffee-script-source (1.2.0)
    devise (2.0.0)
      bcrypt-ruby (~> 3.0)
      orm_adapter (~> 0.0.3)
      railties (~> 3.1)
      warden (~> 1.1)
    em-http-request (0.3.0)
      addressable (>= 2.0.0)
      escape_utils
      eventmachine (>= 0.12.9)
    em-websocket (0.3.6)
      addressable (>= 2.1.1)
      eventmachine (>= 0.12.9)
    erubis (2.7.0)
    escape_utils (0.2.4)
    eventmachine (0.12.10-java)
    execjs (1.3.0)
      multi_json (~> 1.0)
    hike (1.2.1)
    i18n (0.6.0)
    jdbc-sqlite3 (3.7.2)
    jquery-rails (1.0.19)
      railties (~> 3.0)
      thor (~> 0.14)
    jruby-openssl (0.7.5)
      bouncy-castle-java (>= 1.5.0146.1)
    json (1.6.5-java)
    mail (2.3.0)
      i18n (>= 0.4.0)
      mime-types (~> 1.16)
      treetop (~> 1.4.8)
    mime-types (1.17.2)
    multi_json (1.0.4)
    orm_adapter (0.0.6)
    polyglot (0.3.3)
    rack (1.3.6)
    rack-cache (1.1)
      rack (>= 0.4)
    rack-mount (0.8.3)
      rack (>= 1.0.0)
    rack-ssl (1.3.2)
      rack
    rack-test (0.6.1)
      rack (>= 1.0)
    rails (3.1.3)
      actionmailer (= 3.1.3)
      actionpack (= 3.1.3)
      activerecord (= 3.1.3)
      activeresource (= 3.1.3)
      activesupport (= 3.1.3)
      bundler (~> 1.0)
      railties (= 3.1.3)
    railties (3.1.3)
      actionpack (= 3.1.3)
      activesupport (= 3.1.3)
      rack-ssl (~> 1.3.2)
      rake (>= 0.8.7)
      rdoc (~> 3.4)
      thor (~> 0.14.6)
    rake (0.9.2.2)
    rcov (0.9.11-java)
    rdoc (3.12)
      json (~> 1.4)
    sass (3.1.12)
    sass-rails (3.1.5)
      actionpack (~> 3.1.0)
      railties (~> 3.1.0)
      sass (~> 3.1.10)
      tilt (~> 1.3.2)
    shoulda (2.11.3)
    socky-client (0.4.3)
      json
    socky-client-rails (0.4.5)
      socky-client (~> 0.4.2)
    socky-server (0.4.1)
      em-http-request
      em-websocket (~> 0.3.0)
      json
    sprockets (2.0.3)
      hike (~> 1.2)
      rack (~> 1.0)
      tilt (~> 1.1, != 1.3.0)
    thor (0.14.6)
    tilt (1.3.3)
    torquebox (2.0.0.beta2)
      thor (>= 0.9.0, < 1.0.0)
      torquebox-cache (= 2.0.0.beta2)
      torquebox-configure (= 2.0.0.beta2)
      torquebox-core (= 2.0.0.beta2)
      torquebox-messaging (= 2.0.0.beta2)
      torquebox-naming (= 2.0.0.beta2)
      torquebox-rake-support (= 2.0.0.beta2)
      torquebox-security (= 2.0.0.beta2)
      torquebox-stomp (= 2.0.0.beta2)
      torquebox-transactions (= 2.0.0.beta2)
      torquebox-web (= 2.0.0.beta2)
    torquebox-cache (2.0.0.beta2-java)
      torquebox-core (= 2.0.0.beta2)
      torquebox-transactions (= 2.0.0.beta2)
    torquebox-configure (2.0.0.beta2-java)
      blankslate (= 2.1.2.4)
    torquebox-core (2.0.0.beta2-java)
    torquebox-messaging (2.0.0.beta2-java)
      torquebox-core (= 2.0.0.beta2)
      torquebox-transactions (= 2.0.0.beta2)
    torquebox-naming (2.0.0.beta2-java)
    torquebox-rake-support (2.0.0.beta2)
      rake (>= 0.8.7, < 1.0.0)
    torquebox-security (2.0.0.beta2-java)
      torquebox-core (= 2.0.0.beta2)
    torquebox-stomp (2.0.0.beta2)
      torquebox-core (= 2.0.0.beta2)
      torquebox-messaging (= 2.0.0.beta2)
    torquebox-transactions (2.0.0.beta2)
      torquebox-core (= 2.0.0.beta2)
    torquebox-web (2.0.0.beta2-java)
    treetop (1.4.10)
      polyglot
      polyglot (>= 0.3.1)
    tzinfo (0.3.31)
    uglifier (1.2.2)
      execjs (>= 0.3.0)
      multi_json (>= 1.0.2)
    warden (1.1.0)
      rack (>= 1.0)

PLATFORMS
  java

DEPENDENCIES
  activerecord-jdbc-adapter
  activerecord-jdbcsqlite3-adapter
  coffee-rails (~> 3.1.1)
  devise
  jdbc-sqlite3
  jquery-rails
  jruby-openssl
  json
  madmass!
  rails (= 3.1.3)
  rcov (= 0.9.11)
  sass-rails (~> 3.1.5)
  socky-client (= 0.4.3)
  socky-client-rails (= 0.4.5)
  socky-server (= 0.4.1)
  uglifier (>= 1.0.3)
